GIT
  remote: https://github.com/NYULibraries/sdr-cli.git
  revision: 45cbc9e648a6ad3ce7071b84adf6e2d0168cae77
  branch: main
  specs:
    sdr_cli (0.1.0)
      dotenv (~> 2.7)
      faraday (~> 2.7)
      thor (~> 1.2.2)

GEM
  remote: https://rubygems.org/
  specs:
    activesupport (7.1.2)
      base64
      bigdecimal
      concurrent-ruby (~> 1.0, >= 1.0.2)
      connection_pool (>= 2.2.5)
      drb
      i18n (>= 1.6, < 2)
      minitest (>= 5.1)
      mutex_m
      tzinfo (~> 2.0)
    addressable (2.8.5)
      public_suffix (>= 2.0.2, < 6.0)
    base64 (0.2.0)
    bigdecimal (3.1.4)
    builder (3.2.4)
    concurrent-ruby (1.2.2)
    connection_pool (2.4.1)
    crass (1.0.6)
    dotenv (2.8.1)
    drb (2.2.0)
      ruby2_keywords
    faraday (2.7.11)
      base64
      faraday-net_http (>= 2.0, < 3.1)
      ruby2_keywords (>= 0.0.4)
    faraday-net_http (3.0.2)
    faraday-net_http_persistent (2.1.0)
      faraday (~> 2.5)
      net-http-persistent (~> 4.0)
    geo_combine (0.8.0)
      activesupport
      faraday-net_http_persistent (~> 2.0)
      git
      json-schema
      nokogiri
      rsolr
      sanitize
      thor
    git (1.18.0)
      addressable (~> 2.8)
      rchardet (~> 1.8)
    i18n (1.14.1)
      concurrent-ruby (~> 1.0)
    json-schema (4.1.1)
      addressable (>= 2.8)
    minitest (5.20.0)
    mutex_m (0.2.0)
    net-http-persistent (4.0.2)
      connection_pool (~> 2.2)
    nokogiri (1.15.4-arm64-darwin)
      racc (~> 1.4)
    public_suffix (5.0.3)
    racc (1.7.3)
    rake (13.0.6)
    rchardet (1.8.0)
    rsolr (2.5.0)
      builder (>= 2.1.2)
      faraday (>= 0.9, < 3, != 2.0.0)
    ruby-progressbar (1.13.0)
    ruby2_keywords (0.0.5)
    sanitize (6.1.0)
      crass (~> 1.0.2)
      nokogiri (>= 1.12.0)
    thor (1.2.2)
    tzinfo (2.0.6)
      concurrent-ruby (~> 1.0)

PLATFORMS
  arm64-darwin-22

DEPENDENCIES
  geo_combine
  rake
  ruby-progressbar
  sdr_cli!

BUNDLED WITH
   2.4.21
